GEM
  remote: https://rubygems.org/
  specs:
    PriorityQueue (0.1.2)
    actionmailer (3.2.22.3)
      actionpack (= 3.2.22.3)
      mail (~> 2.5.4)
    actionpack (3.2.22.3)
      activemodel (= 3.2.22.3)
      activesupport (= 3.2.22.3)
      builder (~> 3.0.0)
      erubis (~> 2.7.0)
      journey (~> 1.0.4)
      rack (~> 1.4.5)
      rack-cache (~> 1.2)
      rack-test (~> 0.6.1)
      sprockets (~> 2.2.1)
    activemodel (3.2.22.3)
      activesupport (= 3.2.22.3)
      builder (~> 3.0.0)
    activerecord (3.2.22.3)
      activemodel (= 3.2.22.3)
      activesupport (= 3.2.22.3)
      arel (~> 3.0.2)
      tzinfo (~> 0.3.29)
    activeresource (3.2.22.3)
      activemodel (= 3.2.22.3)
      activesupport (= 3.2.22.3)
    activesupport (3.2.22.3)
      i18n (~> 0.6, >= 0.6.4)
      multi_json (~> 1.0)
    addressable (2.4.0)
    airbrake (3.1.17)
      builder
      multi_json
    arel (3.0.3)
    builder (3.0.4)
    capybara (2.8.1)
      addressable
      mime-types (>= 1.16)
      nokogiri (>= 1.3.3)
      rack (>= 1.0.0)
      rack-test (>= 0.5.4)
      xpath (~> 2.0)
    daemons (1.2.4)
    diff-lcs (1.2.5)
    domain_name (0.5.20170404)
      unf (>= 0.0.5, < 1.0.0)
    erubis (2.7.0)
    eventmachine (1.2.0.1)
    execjs (2.7.0)
    gds-api-adapters (47.2.0)
      link_header
      lrucache (~> 0.1.1)
      null_logger
      plek (>= 1.9.0)
      rack-cache
      rest-client (~> 2.0)
    govuk_frontend_toolkit (1.4.0)
      rails (>= 3.1.0)
      sass (>= 3.2.0)
    hike (1.2.3)
    http-cookie (1.0.3)
      domain_name (~> 0.5)
    i18n (0.7.0)
    journey (1.0.4)
    json (1.8.3)
    kgio (2.10.0)
    libv8 (3.16.14.15)
    link_header (0.0.8)
    logstash-event (1.1.5)
    logstasher (0.4.8)
      logstash-event (~> 1.1.0)
    lrucache (0.1.4)
      PriorityQueue (~> 0.1.2)
    mail (2.5.4)
      mime-types (~> 1.16)
      treetop (~> 1.4.8)
    metaclass (0.0.4)
    mime-types (1.25.1)
    mini_portile2 (2.1.0)
    mocha (0.13.3)
      metaclass (~> 0.0.1)
    multi_json (1.12.1)
    netrc (0.11.0)
    nokogiri (1.6.8)
      mini_portile2 (~> 2.1.0)
      pkg-config (~> 1.1.7)
    null_logger (0.0.1)
    pkg-config (1.1.7)
    plek (1.11.0)
    polyglot (0.3.5)
    power_assert (0.4.1)
    rack (1.4.7)
    rack-cache (1.7.0)
      rack (>= 0.4)
    rack-ssl (1.3.4)
      rack
    rack-test (0.6.3)
      rack (>= 1.0)
    rails (3.2.22.3)
      actionmailer (= 3.2.22.3)
      actionpack (= 3.2.22.3)
      activerecord (= 3.2.22.3)
      activeresource (= 3.2.22.3)
      activesupport (= 3.2.22.3)
      bundler (~> 1.0)
      railties (= 3.2.22.3)
    railties (3.2.22.3)
      actionpack (= 3.2.22.3)
      activesupport (= 3.2.22.3)
      rack-ssl (~> 1.3.2)
      rake (>= 0.8.7)
      rdoc (~> 3.4)
      thor (>= 0.14.6, < 2.0)
    raindrops (0.17.0)
    rake (11.2.2)
    rdoc (3.12.2)
      json (~> 1.4)
    ref (2.0.0)
    rest-client (2.0.2)
      http-cookie (>= 1.0.2, < 2.0)
      mime-types (>= 1.16, < 4.0)
      netrc (~> 0.8)
    rspec-core (3.5.2)
      rspec-support (~> 3.5.0)
    rspec-expectations (3.5.0)
      diff-lcs (>= 1.2.0, < 2.0)
      rspec-support (~> 3.5.0)
    rspec-mocks (3.5.0)
      diff-lcs (>= 1.2.0, < 2.0)
      rspec-support (~> 3.5.0)
    rspec-rails (3.5.2)
      actionpack (>= 3.0)
      activesupport (>= 3.0)
      railties (>= 3.0)
      rspec-core (~> 3.5.0)
      rspec-expectations (~> 3.5.0)
      rspec-mocks (~> 3.5.0)
      rspec-support (~> 3.5.0)
    rspec-support (3.5.0)
    sass (3.4.22)
    sass-rails (3.2.5)
      railties (~> 3.2.0)
      sass (>= 3.1.10)
      tilt (~> 1.3)
    slimmer (9.0.0)
      activesupport
      json
      nokogiri (>= 1.5.0, < 1.7.0)
      null_logger
      plek (>= 1.1.0)
      rack (>= 1.3.5)
      rest-client
    sprockets (2.2.3)
      hike (~> 1.2)
      multi_json (~> 1.0)
      rack (~> 1.0)
      tilt (~> 1.1, != 1.3.0)
    test-unit (3.2.3)
      power_assert
    therubyracer (0.12.2)
      libv8 (~> 3.16.14.0)
      ref
    thin (1.7.0)
      daemons (~> 1.0, >= 1.0.9)
      eventmachine (~> 1.0, >= 1.0.4)
      rack (>= 1, < 3)
    thor (0.19.1)
    tilt (1.4.1)
    treetop (1.4.15)
      polyglot
      polyglot (>= 0.3.1)
    tzinfo (0.3.51)
    uglifier (1.2.6)
      execjs (>= 0.3.0)
      multi_json (~> 1.3)
    unf (0.1.4)
      unf_ext
    unf_ext (0.0.7.4)
    unicorn (4.3.1)
      kgio (~> 2.6)
      rack
      raindrops (~> 0.7)
    xpath (2.0.0)
      nokogiri (~> 1.3)

PLATFORMS
  ruby

DEPENDENCIES
  airbrake (= 3.1.17)
  capybara
  gds-api-adapters (= 47.2)
  govuk_frontend_toolkit (= 1.4.0)
  logstasher (= 0.4.8)
  mocha (= 0.13.3)
  plek (= 1.11.0)
  rails (= 3.2.22.3)
  rspec-rails
  sass-rails (= 3.2.5)
  slimmer (= 9.0.0)
  test-unit (= 3.2.3)
  therubyracer (= 0.12.2)
  thin
  uglifier (= 1.2.6)
  unicorn (= 4.3.1)

BUNDLED WITH
   1.15.1
